GEM
  remote: https://rubygems.org/
  specs:
    addressable (2.7.0)
      public_suffix (>= 2.0.2, < 5.0)
    ast (2.4.1)
    builder (3.2.4)
    byebug (11.1.3)
    childprocess (3.0.0)
    coderay (1.1.3)
    crack (0.4.4)
    diff-lcs (1.4.4)
    docile (1.3.2)
    dotenv (2.7.6)
    hashdiff (1.0.1)
    json (2.3.1)
    method_source (1.0.0)
    mini_portile2 (2.4.0)
    multi_json (1.15.0)
    mustermann (1.1.1)
      ruby2_keywords (~> 0.0.1)
    net-http (0.1.0)
    nio4r (2.5.4)
    nokogiri (1.10.10)
      mini_portile2 (~> 2.4.0)
    parallel (1.20.0)
    parser (2.7.2.0)
      ast (~> 2.4.1)
    pry (0.13.1)
      coderay (~> 1.1)
      method_source (~> 1.0)
    pry-byebug (3.9.0)
      byebug (~> 11.0)
      pry (~> 0.13.0)
    public_suffix (4.0.6)
    puma (5.0.4)
      nio4r (~> 2.0)
    rack (2.2.3)
    rack-contrib (2.2.0)
      rack (~> 2.0)
    rack-protection (2.1.0)
      rack
    rack-standards (0.0.1)
    rack-test (1.1.0)
      rack (>= 1.0, < 3)
    rainbow (3.0.0)
    rake (13.0.1)
    rb-readline (0.5.5)
    redis (4.2.2)
    redis-sinatra (1.4.2)
      redis-store (>= 1.1, < 2)
      sinatra (>= 1, < 3)
    redis-store (1.9.0)
      redis (>= 4, < 5)
    regexp_parser (1.8.2)
    rexml (3.2.4)
    rspec (3.10.0)
      rspec-core (~> 3.10.0)
      rspec-expectations (~> 3.10.0)
      rspec-mocks (~> 3.10.0)
    rspec-core (3.10.0)
      rspec-support (~> 3.10.0)
    rspec-expectations (3.10.0)
      diff-lcs (>= 1.2.0, < 2.0)
      rspec-support (~> 3.10.0)
    rspec-mocks (3.10.0)
      diff-lcs (>= 1.2.0, < 2.0)
      rspec-support (~> 3.10.0)
    rspec-support (3.10.0)
    rubocop (1.3.0)
      parallel (~> 1.10)
      parser (>= 2.7.1.5)
      rainbow (>= 2.2.2, < 4.0)
      regexp_parser (>= 1.8)
      rexml
      rubocop-ast (>= 1.1.1)
      ruby-progressbar (~> 1.7)
      unicode-display_width (>= 1.4.0, < 2.0)
    rubocop-ast (1.1.1)
      parser (>= 2.7.1.5)
    ruby-progressbar (1.10.1)
    ruby2_keywords (0.0.2)
    rubyzip (2.3.0)
    selenium-webdriver (3.142.7)
      childprocess (>= 0.5, < 4.0)
      rubyzip (>= 1.2.2)
    simplecov (0.19.1)
      docile (~> 1.1)
      simplecov-html (~> 0.11)
    simplecov-html (0.12.3)
    sinatra (2.1.0)
      mustermann (~> 1.0)
      rack (~> 2.2)
      rack-protection (= 2.1.0)
      tilt (~> 2.0)
    sinatra-contrib (2.1.0)
      multi_json
      mustermann (~> 1.0)
      rack-protection (= 2.1.0)
      sinatra (= 2.1.0)
      tilt (~> 2.0)
    sinatra-initializers (0.1.4)
    tilt (2.0.10)
    unicode-display_width (1.7.0)
    vcr (6.0.0)
    webdrivers (4.4.1)
      nokogiri (~> 1.6)
      rubyzip (>= 1.3.0)
      selenium-webdriver (>= 3.0, < 4.0)
    webmock (3.10.0)
      addressable (>= 2.3.6)
      crack (>= 0.3.2)
      hashdiff (>= 0.4.0, < 2.0.0)

PLATFORMS
  ruby

DEPENDENCIES
  builder
  bundler
  dotenv
  json
  net-http
  pry
  pry-byebug
  puma
  rack-contrib
  rack-standards
  rack-test
  rake
  rb-readline
  redis-sinatra
  rspec
  rubocop
  simplecov
  sinatra
  sinatra-contrib
  sinatra-initializers
  vcr
  webdrivers
  webmock

RUBY VERSION
   ruby 2.7.0p0

BUNDLED WITH
   2.1.2
